PATH
  remote: .
  specs:
    marc_to_argot (0.3.5)
      activesupport (~> 5.2)
      lcsort (~> 0.9.0)
      library_stdnums (~> 1.6)
      logging (~> 2.2.2)
      nokogiri (~> 1.8)
      thor (~> 0.20.0)
      traject (~> 2.0)
      yajl-ruby (>= 1.3.1)

GEM
  remote: https://rubygems.org/
  specs:
    activesupport (5.2.2)
      concurrent-ruby (~> 1.0, >= 1.0.2)
      i18n (>= 0.7, < 2)
      minitest (~> 5.1)
      tzinfo (~> 1.1)
    concurrent-ruby (1.1.4)
    diff-lcs (1.3)
    dot-properties (0.1.3)
    hashie (3.6.0)
    httpclient (2.8.3)
    i18n (1.5.1)
      concurrent-ruby (~> 1.0)
    lcsort (0.9.1)
    library_stdnums (1.6.0)
    little-plugger (1.1.4)
    logging (2.2.2)
      little-plugger (~> 1.1)
      multi_json (~> 1.10)
    marc (1.0.2)
      scrub_rb (>= 1.0.1, < 2)
      unf
    marc-fastxmlwriter (1.0.0)
      marc (~> 1.0)
    mini_portile2 (2.4.0)
    minitest (5.11.3)
    multi_json (1.13.1)
    nokogiri (1.10.0)
      mini_portile2 (~> 2.4.0)
    rake (10.5.0)
    rspec (3.8.0)
      rspec-core (~> 3.8.0)
      rspec-expectations (~> 3.8.0)
      rspec-mocks (~> 3.8.0)
    rspec-core (3.8.0)
      rspec-support (~> 3.8.0)
    rspec-expectations (3.8.2)
      diff-lcs (>= 1.2.0, < 2.0)
      rspec-support (~> 3.8.0)
    rspec-mocks (3.8.0)
      diff-lcs (>= 1.2.0, < 2.0)
      rspec-support (~> 3.8.0)
    rspec-support (3.8.0)
    scrub_rb (1.0.1)
    slop (3.6.0)
    thor (0.20.3)
    thread_safe (0.3.6)
    traject (2.3.4)
      concurrent-ruby (>= 0.8.0)
      dot-properties (>= 0.1.1)
      hashie (~> 3.1)
      httpclient (~> 2.5)
      marc (~> 1.0)
      marc-fastxmlwriter (~> 1.0)
      slop (>= 3.4.5, < 4.0)
      yell
    tzinfo (1.2.5)
      thread_safe (~> 0.1)
    unf (0.1.4)
      unf_ext
    unf_ext (0.0.7.5)
    yajl-ruby (1.4.1)
    yell (2.0.7)

PLATFORMS
  ruby

DEPENDENCIES
  bundler (~> 1.16)
  marc_to_argot!
  rake (~> 10.0)
  rspec (~> 3.0)
  yajl-ruby (>= 1.3.1)

BUNDLED WITH
   1.17.2
